GEM
  remote: https://rubygems.org/
  specs:
    curses (1.3.1)
    term_canvas (0.2.9)
      curses

PLATFORMS
  ruby

DEPENDENCIES
  term_canvas

BUNDLED WITH
   2.0.1
